GIT
  remote: https://github.com/qtd289/rulers
  revision: 55281acbfa671dfbda208cf72a3f4e9adced9ae0
  specs:
    rulers (0.0.2)
      rack

GEM
  remote: https://rubygems.org/
  specs:
    ffi (1.13.1)
    listen (3.3.0)
      rb-fsevent (~> 0.10, >= 0.10.3)
      rb-inotify (~> 0.9, >= 0.9.10)
    rack (2.2.3)
    rb-fsevent (0.10.4)
    rb-inotify (0.10.1)
      ffi (~> 1.0)
    rerun (0.13.0)
      listen (~> 3.0)

PLATFORMS
  ruby

DEPENDENCIES
  rerun
  rulers!

BUNDLED WITH
   2.1.4
